PATH
  remote: .
  specs:
    circuitbreaker (0.1.0)
      crabstone
      curses
      cxxfilt
      hexdump
      pry
      twib

GEM
  remote: https://rubygems.org/
  specs:
    coderay (1.1.2)
    crabstone (3.0.3)
      ffi
    curses (1.2.4)
    cxxfilt (0.1.0)
    diff-lcs (1.3)
    ffi (1.9.25)
    hexdump (0.2.3)
    method_source (0.9.0)
    msgpack (1.2.4)
    pry (0.11.3)
      coderay (~> 1.1.0)
      method_source (~> 0.9.0)
    rake (10.5.0)
    rspec (3.8.0)
      rspec-core (~> 3.8.0)
      rspec-expectations (~> 3.8.0)
      rspec-mocks (~> 3.8.0)
    rspec-core (3.8.0)
      rspec-support (~> 3.8.0)
    rspec-expectations (3.8.1)
      diff-lcs (>= 1.2.0, < 2.0)
      rspec-support (~> 3.8.0)
    rspec-mocks (3.8.0)
      diff-lcs (>= 1.2.0, < 2.0)
      rspec-support (~> 3.8.0)
    rspec-support (3.8.0)
    twib (0.1.2)
      msgpack

PLATFORMS
  ruby

DEPENDENCIES
  bundler (~> 1.16)
  circuitbreaker!
  rake (~> 10.0)
  rspec (~> 3.0)

BUNDLED WITH
   1.16.2
